ObjectType = Image
NDims = 3
BinaryData = True
BinaryDataByteOrderMSB = True
CompressedData = False
TransformMatrix = 1 0 0 0 1 0 0 0 1
Offset = 0 0 0
CenterOfRotation = 0 0 0
AnatomicalOrientation = RPI
ElementSpacing = 1.26953 1.26953 2.5
DimSize = 512 512 83
ElementType = MET_UCHAR
ElementDataFile = mask2.raw
